GEM
  remote: https://rubygems.org/
  specs:
    addressable (2.4.0)
    eventmachine (1.0.9.1)
    faraday (0.9.2)
      multipart-post (>= 1.2, < 3)
    faraday_middleware (0.10.0)
      faraday (>= 0.7.4, < 0.10)
    mini_portile2 (2.0.0)
    multipart-post (2.0.0)
    nokogiri (1.6.7.2)
      mini_portile2 (~> 2.0.0.rc2)
    parse-ruby-client (0.3.0)
      faraday
      faraday_middleware

PLATFORMS
  ruby

DEPENDENCIES
  addressable
  eventmachine
  nokogiri
  parse-ruby-client

BUNDLED WITH
   1.10.6
